GIT
  remote: git://github.com/itzki/slideshare.git
  revision: 5cfac3a6a10edc00f422bcb3982c2249b986657d
  specs:
    slideshare (0.0.1)
      activesupport

GEM
  remote: http://rubygems.org/
  specs:
    activesupport (3.2.11)
      i18n (~> 0.6)
      multi_json (~> 1.0)
    domain_name (0.5.7)
      unf (~> 0.0.3)
    dotenv (0.5.0)
    i18n (0.6.1)
    json (1.7.6)
    mechanize (2.5.1)
      domain_name (~> 0.5, >= 0.5.1)
      mime-types (~> 1.17, >= 1.17.2)
      net-http-digest_auth (~> 1.1, >= 1.1.1)
      net-http-persistent (~> 2.5, >= 2.5.2)
      nokogiri (~> 1.4)
      ntlm-http (~> 0.1, >= 0.1.1)
      webrobots (~> 0.0, >= 0.0.9)
    mime-types (1.19)
    multi_json (1.5.0)
    net-http-digest_auth (1.2.1)
    net-http-persistent (2.8)
    nokogiri (1.5.6)
    ntlm-http (0.1.1)
    oauth (0.4.7)
    rubytter (1.4.2)
      json (>= 1.1.3)
      oauth (>= 0.3.6)
    unf (0.0.5)
      unf_ext
    unf_ext (0.0.5)
    webrobots (0.0.13)

PLATFORMS
  ruby

DEPENDENCIES
  dotenv
  mechanize
  rubytter
  slideshare!
