GEM
  remote: http://rubygems.org/
  specs:
    activesupport (3.2.3)
      i18n (~> 0.6)
      multi_json (~> 1.0)
    i18n (0.6.0)
    json (1.7.0)
    mime-types (1.18)
    multi_json (1.3.4)
    nokogiri (1.5.2)
    oauth (0.4.6)
    rest-client (1.6.7)
      mime-types (>= 1.16)
    ruby-bitly (0.1.5)
      rest-client (~> 1.6.1)
    rubytter (1.4.2)
      json (>= 1.1.3)
      oauth (>= 0.3.6)

PLATFORMS
  ruby

DEPENDENCIES
  activesupport
  i18n
  nokogiri
  ruby-bitly
  rubytter
