GEM
  remote: http://rubygems.org/
  specs:
    activesupport (3.0.9)
    i18n (0.6.0)
    json (1.5.3)
    mime-types (1.16)
    oauth (0.4.5)
    rest-client (1.6.3)
      mime-types (>= 1.16)
    ruby-bitly (0.1.5)
      rest-client (~> 1.6.1)
    rubytter (1.4.2)
      json (>= 1.1.3)
      oauth (>= 0.3.6)

PLATFORMS
  ruby

DEPENDENCIES
  activesupport
  i18n
  ruby-bitly
  rubytter
